GEM
  remote: http://rubygems.org/
  specs:
    builder (3.0.0)
    json (1.5.3)
    jwt (0.1.3)
      json (>= 1.2.4)
    rack (1.3.1)
    sinatra (1.2.6)
      rack (~> 1.1)
      tilt (>= 1.2.2, < 2.0)
    tilt (1.3.2)
    twilio-ruby (3.2.0)
      builder (>= 2.1.2)
      json (>= 1.2.0)
      jwt (>= 0.1.2)

PLATFORMS
  ruby

DEPENDENCIES
  sinatra
  twilio-ruby
